GEM
  remote: https://rubygems.org/
  specs:
    aruba (0.14.14)
      childprocess (>= 0.6.3, < 4.0.0)
      contracts (~> 0.9)
      cucumber (>= 1.3.19)
      ffi (~> 1.9)
      rspec-expectations (>= 2.99)
      thor (>= 0.19, < 2.0)
    builder (3.2.4)
    childprocess (3.0.0)
    contracts (0.16.1)
    cucumber (1.3.20)
      builder (>= 2.1.2)
      diff-lcs (>= 1.1.3)
      gherkin (~> 2.12)
      multi_json (>= 1.7.5, < 2.0)
      multi_test (>= 0.1.2)
    diff-lcs (1.5.0)
    ffi (1.15.5)
    gherkin (2.12.2)
      multi_json (~> 1.3)
    knapsack_pro (3.7.0)
      rake
    multi_json (1.15.0)
    multi_test (1.1.0)
    rake (13.0.6)
    rspec-expectations (3.12.1)
      diff-lcs (>= 1.2.0, < 2.0)
      rspec-support (~> 3.12.0)
    rspec-support (3.12.0)
    thor (1.2.1)

PLATFORMS
  x86_64-linux

DEPENDENCIES
  aruba (~> 0.14.3)
  cucumber (~> 1.3.20)
  knapsack_pro

BUNDLED WITH
   2.4.2
